GEM
  remote: http://rubygems.org/
  remote: http://amee:aeC5ahx4@gems.amee.com/
  specs:
    acl9 (0.12.0)
    actionmailer (2.3.11)
      actionpack (= 2.3.11)
    actionpack (2.3.11)
      activesupport (= 2.3.11)
      rack (~> 1.1.0)
    activerecord (2.3.11)
      activesupport (= 2.3.11)
    activeresource (2.3.11)
      activesupport (= 2.3.11)
    activesupport (2.3.11)
    amee (3.1.2)
      activesupport (~> 2.3.5)
      json
      log4r
      nokogiri (~> 1.4.3.1)
    amee-analytics (1.0.1)
      amee-data-abstraction (~> 1.1)
      amee-data-persistence (~> 1.1)
    amee-auth (0.3.1)
      acl9 (~> 0.12.0)
      actionpack (~> 2.3.11)
      activerecord (~> 2.3.11)
      activesupport (~> 2.3.11)
      authlogic (~> 2.1.6)
      rake (>= 0.8.7)
    amee-data-abstraction (1.1.0)
      amee (~> 3.0)
      quantify (= 1.2.0)
      uuidtools (= 2.1.2)
    amee-data-entry (1.0.0.rc2)
      amee-data-abstraction
    amee-data-persistence (1.1.0)
      amee-data-abstraction (~> 1.1)
    authlogic (2.1.6)
      activesupport
    i18n (0.6.0)
    json (1.6.1)
    log4r (1.1.9)
    nokogiri (1.4.3.1)
    pdfkit (0.5.2)
    quantify (1.2.0)
      activesupport
      i18n
    rack (1.1.2)
    rails (2.3.11)
      actionmailer (= 2.3.11)
      actionpack (= 2.3.11)
      activerecord (= 2.3.11)
      activeresource (= 2.3.11)
      activesupport (= 2.3.11)
      rake (>= 0.8.3)
    rake (0.9.2)
    rspec (1.3.2)
    rspec-rails (1.3.4)
      rack (>= 1.0.0)
      rspec (~> 1.3.1)
    uuidtools (2.1.2)

PLATFORMS
  ruby

DEPENDENCIES
  amee (~> 3.1)
  amee-analytics (~> 1.0)
  amee-auth (>= 0.3.1)
  amee-data-abstraction (~> 1.1)
  amee-data-entry (= 1.0.0.rc2)
  amee-data-persistence (~> 1.1)
  pdfkit
  rails (= 2.3.11)
  rspec (~> 1.3)
  rspec-rails (~> 1.3)
