GEM
  remote: http://rubygems.org/
  remote: http://amee:aeC5ahx4@gems.amee.com/
  specs:
    abstract (1.0.0)
    acl9 (0.12.0)
    actionmailer (3.0.10)
      actionpack (= 3.0.10)
      mail (~> 2.2.19)
    actionpack (3.0.10)
      activemodel (= 3.0.10)
      activesupport (= 3.0.10)
      builder (~> 2.1.2)
      erubis (~> 2.6.6)
      i18n (~> 0.5.0)
      rack (~> 1.2.1)
      rack-mount (~> 0.6.14)
      rack-test (~> 0.5.7)
      tzinfo (~> 0.3.23)
    activemodel (3.0.10)
      activesupport (= 3.0.10)
      builder (~> 2.1.2)
      i18n (~> 0.5.0)
    activerecord (3.0.10)
      activemodel (= 3.0.10)
      activesupport (= 3.0.10)
      arel (~> 2.0.10)
      tzinfo (~> 0.3.23)
    activeresource (3.0.10)
      activemodel (= 3.0.10)
      activesupport (= 3.0.10)
    activesupport (3.0.10)
    amee (4.1.7)
      activesupport (~> 3.0)
      json
      log4r
      nokogiri (~> 1.4.4)
    amee-analytics (2.1.1)
      amee-data-abstraction (~> 2.2)
      amee-data-persistence (~> 2.2)
    amee-auth (1.0.0)
      acl9 (~> 0.12.0)
      actionpack (~> 3.0.10)
      activerecord (~> 3.0.10)
      activesupport (~> 3.0.10)
      authlogic (~> 3.0)
      rake (>= 0.9.2)
    amee-data-abstraction (2.2.2)
      amee (~> 4.1.5)
      quantify (~> 2.0.0)
      uuidtools (= 2.1.2)
    amee-data-entry (2.0.2)
      amee-data-abstraction (~> 2.2.0)
    amee-data-persistence (2.2.1)
      activerecord (~> 3.0.10)
      amee-data-abstraction (~> 2.2.0)
    arel (2.0.10)
    authlogic (3.1.0)
      activerecord (>= 3.0.7)
      activerecord (>= 3.0.7)
    builder (2.1.2)
    erubis (2.6.6)
      abstract (>= 1.0.0)
    i18n (0.5.0)
    json (1.6.1)
    log4r (1.1.9)
    mail (2.2.19)
      activesupport (>= 2.3.6)
      i18n (>= 0.4.0)
      mime-types (~> 1.16)
      treetop (~> 1.4.8)
    mime-types (1.16)
    nokogiri (1.4.7)
    pdfkit (0.5.2)
    polyglot (0.3.2)
    quantify (2.0.2)
      activesupport (~> 3.0)
      i18n
    rack (1.2.4)
    rack-mount (0.6.14)
      rack (>= 1.0.0)
    rack-test (0.5.7)
      rack (>= 1.0)
    rails (3.0.10)
      actionmailer (= 3.0.10)
      actionpack (= 3.0.10)
      activerecord (= 3.0.10)
      activeresource (= 3.0.10)
      activesupport (= 3.0.10)
      bundler (~> 1.0)
      railties (= 3.0.10)
    railties (3.0.10)
      actionpack (= 3.0.10)
      activesupport (= 3.0.10)
      rake (>= 0.8.7)
      rdoc (~> 3.4)
      thor (~> 0.14.4)
    rake (0.9.2)
    rdoc (3.11)
      json (~> 1.4)
    rspec (1.3.2)
    rspec-rails (1.3.4)
      rack (>= 1.0.0)
      rspec (~> 1.3.1)
    sqlite3 (1.3.4)
    thor (0.14.6)
    treetop (1.4.10)
      polyglot
      polyglot (>= 0.3.1)
    tzinfo (0.3.30)
    uuidtools (2.1.2)
    wkhtmltopdf-binary (0.9.5.3)

PLATFORMS
  ruby

DEPENDENCIES
  amee (~> 4.0)
  amee-analytics (~> 2.1.1)
  amee-auth (>= 1.0.0)
  amee-data-abstraction (~> 2.2.0)
  amee-data-entry (~> 2.0.0)
  amee-data-persistence (~> 2.2.0)
  pdfkit
  rails (~> 3.0.0)
  rspec (~> 1.3)
  rspec-rails (~> 1.3)
  sqlite3
  wkhtmltopdf-binary
